GIT
  remote: git://github.com/cucumber/aruba.git
  revision: 7afbc5c0cbae9c9a946d70c4c2735ccb86e00f08
  specs:
    aruba (0.5.3)
      childprocess (>= 0.3.6)
      cucumber (>= 1.1.1)
      rspec-expectations (>= 2.7.0)

PATH
  remote: .
  specs:
    matter_compiler (0.0.1)

GEM
  remote: https://rubygems.org/
  specs:
    builder (3.2.2)
    childprocess (0.3.9)
      ffi (~> 1.0, >= 1.0.11)
    cucumber (1.3.10)
      builder (>= 2.1.2)
      diff-lcs (>= 1.1.3)
      gherkin (~> 2.12)
      multi_json (>= 1.7.5, < 2.0)
      multi_test (>= 0.0.2)
    diff-lcs (1.2.5)
    ffi (1.9.3)
    gherkin (2.12.2)
      multi_json (~> 1.3)
    minitest (4.7.5)
    multi_json (1.8.2)
    multi_test (0.0.3)
    rake (10.1.1)
    rspec-expectations (2.14.4)
      diff-lcs (>= 1.1.3, < 2.0)

PLATFORMS
  ruby

DEPENDENCIES
  aruba!
  bundler (~> 1.5)
  cucumber
  matter_compiler!
  minitest
  rake
